PATH
  remote: .
  specs:
    bin (0.6.3)
      activesupport (>= 3.0)
      bson_ext (>= 1.0.1)
      i18n (>= 0.6.0)
      mongo (>= 1.0.1)

GEM
  remote: http://rubygems.org/
  specs:
    activesupport (3.0.9)
    archive-tar-minitar (0.5.2)
    bson (1.3.1)
    bson_ext (1.3.1)
    columnize (0.3.4)
    diff-lcs (1.1.2)
    i18n (0.6.0)
    linecache19 (0.5.12)
      ruby_core_source (>= 0.1.4)
    mongo (1.3.1)
      bson (>= 1.3.1)
    rspec (1.3.2)
    ruby-debug-base19 (0.11.25)
      columnize (>= 0.3.1)
      linecache19 (>= 0.5.11)
      ruby_core_source (>= 0.1.4)
    ruby-debug19 (0.11.6)
      columnize (>= 0.3.1)
      linecache19 (>= 0.5.11)
      ruby-debug-base19 (>= 0.11.19)
    ruby_core_source (0.1.5)
      archive-tar-minitar (>= 0.5.2)

PLATFORMS
  ruby

DEPENDENCIES
  bin!
  diff-lcs (~> 1.1.2)
  rspec (~> 1.3.0)
  ruby-debug19 (>= 0.11.6)
